GEM
  remote: https://rubygems.org/
  specs:
    minitest (5.14.1)

PLATFORMS
  ruby

DEPENDENCIES
  minitest

RUBY VERSION
   ruby 2.6.5p114

BUNDLED WITH
   2.0.1
